GIT
  remote: git://github.com/y10k/rims.git
  revision: 7eb0d3c2b9e91c26d1989ac9a663cfa7c9285c2f
  tag: v0.0.3
  specs:
    rims (0.0.3)
      mail

GEM
  remote: https://rubygems.org/
  specs:
    mail (2.6.1)
      mime-types (>= 1.16, < 3)
    maildir (2.1.0)
    mime-types (2.3)
    mini-smtp-server (0.0.2)

PLATFORMS
  ruby

DEPENDENCIES
  maildir
  mini-smtp-server
  rims!
